PATH
  remote: .
  specs:
    codemerger (0.3.2)
      albino (= 1.3.3)
      redcarpet (= 2.0.0b3)

GEM
  remote: http://rubygems.org/
  specs:
    albino (1.3.3)
      posix-spawn (>= 0.3.6)
    posix-spawn (0.3.6)
    rake (0.9.2)
    redcarpet (2.0.0b3)
    simplecov (0.4.2)
      simplecov-html (~> 0.4.4)
    simplecov-html (0.4.4)

PLATFORMS
  ruby
  x86-mingw32

DEPENDENCIES
  codemerger!
  rake
  simplecov
