PATH
  remote: .
  specs:
    codemerger (0.2.2)
      maruku

GEM
  remote: http://rubygems.org/
  specs:
    maruku (0.6.0)
      syntax (>= 1.0.0)
    simplecov (0.4.2)
      simplecov-html (~> 0.4.4)
    simplecov-html (0.4.4)
    syntax (1.0.0)

PLATFORMS
  x86-mingw32

DEPENDENCIES
  codemerger!
  simplecov (>= 0.4.0)
