GEM
  remote: http://rubygems.org/
  specs:
    albino (1.3.3)
      posix-spawn (>= 0.3.6)
    git (1.2.5)
    jeweler (1.6.4)
      bundler (~> 1.0)
      git (>= 1.2.5)
      rake
    multi_json (1.0.3)
    posix-spawn (0.3.6)
    rake (0.9.2.2)
    redcarpet (2.0.0b3)
    simplecov (0.5.4)
      multi_json (~> 1.0.3)
      simplecov-html (~> 0.5.3)
    simplecov-html (0.5.3)

PLATFORMS
  ruby

DEPENDENCIES
  albino (= 1.3.3)
  bundler (~> 1.0.0)
  jeweler (~> 1.6.4)
  rake
  redcarpet (= 2.0.0b3)
  simplecov
